GEM
  remote: https://rubygems.org/
  specs:
    curl_cacert (1.0.0)
    default (1.0.0)
    heresy (4.0.0)
      default (~> 1.0.0)
      heresy-string (~> 1.0.0)
      net-socket (~> 1.0.0)
    heresy-string (1.0.0)
    kramdown (1.12.0)
    mayhaps (0.3.0)
    mini_portile2 (2.1.0)
    net-socket (1.0.0)
    nokogiri (1.6.8.1)
      mini_portile2 (~> 2.1.0)
    openssl-better_defaults (0.0.1)
    puma (3.6.0)
    rack (1.6.5)
    rack-protection (1.5.3)
      rack
    sinatra (1.4.7)
      rack (~> 1.5)
      rack-protection (~> 1.4)
      tilt (>= 1.3, < 3)
    tessellator-fetcher (5.0.0)
      curl_cacert
      heresy (~> 4.0.0)
      mayhaps (~> 0.3.0)
      openssl-better_defaults
    tilt (2.0.5)

PLATFORMS
  ruby

DEPENDENCIES
  kramdown
  nokogiri
  puma
  sinatra
  tessellator-fetcher

RUBY VERSION
   ruby 2.2.6p396

BUNDLED WITH
   1.13.6
